GEM
  remote: https://rubygems.org/
  specs:
    jasmine (2.0.0)
      jasmine-core (~> 2.0.0)
      phantomjs
      rack (>= 1.2.1)
      rake
    jasmine-core (2.0.0)
    jasmine_junitxml_formatter (0.1.0)
      jasmine (~> 2.0.0.alpha)
      nokogiri
    mini_portile (0.5.2)
    nokogiri (1.6.1)
      mini_portile (~> 0.5.0)
    phantomjs (1.9.2.1)
    rack (1.5.2)
    rake (10.1.1)

PLATFORMS
  ruby

DEPENDENCIES
  jasmine
  jasmine_junitxml_formatter
